PATH
  remote: .
  specs:
    allure_ruby_commons (2.10.pre.beta.1)
      json (~> 2.2)
      require_all (~> 2.0)
      uuid (~> 2.3.9)

GEM
  remote: https://rubygems.org/
  specs:
    ast (2.4.0)
    backport (1.0.0)
    coderay (1.1.2)
    diff-lcs (1.3)
    htmlentities (4.3.4)
    jaro_winkler (1.5.2)
    json (2.2.0)
    kramdown (1.17.0)
    macaddr (1.7.1)
      systemu (~> 2.6.2)
    method_source (0.9.2)
    mini_portile2 (2.4.0)
    nokogiri (1.10.2)
      mini_portile2 (~> 2.4.0)
    parallel (1.17.0)
    parser (2.6.2.1)
      ast (~> 2.4.0)
    pry (0.12.2)
      coderay (~> 1.1.0)
      method_source (~> 0.9.0)
    psych (3.1.0)
    rainbow (3.0.0)
    require_all (2.0.0)
    reverse_markdown (1.1.0)
      nokogiri
    rspec (3.8.0)
      rspec-core (~> 3.8.0)
      rspec-expectations (~> 3.8.0)
      rspec-mocks (~> 3.8.0)
    rspec-core (3.8.0)
      rspec-support (~> 3.8.0)
    rspec-expectations (3.8.2)
      diff-lcs (>= 1.2.0, < 2.0)
      rspec-support (~> 3.8.0)
    rspec-mocks (3.8.0)
      diff-lcs (>= 1.2.0, < 2.0)
      rspec-support (~> 3.8.0)
    rspec-support (3.8.0)
    rubocop (0.67.2)
      jaro_winkler (~> 1.5.1)
      parallel (~> 1.10)
      parser (>= 2.5, != 2.5.1.1)
      psych (>= 3.1.0)
      rainbow (>= 2.2.2, < 4.0)
      ruby-progressbar (~> 1.7)
      unicode-display_width (>= 1.4.0, < 1.6)
    rubocop-performance (1.1.0)
      rubocop (>= 0.67.0)
    ruby-progressbar (1.10.0)
    rubyzip (1.2.2)
    solargraph (0.32.1)
      backport (~> 1.0)
      bundler (>= 1.17.2)
      htmlentities (~> 4.3, >= 4.3.4)
      jaro_winkler (~> 1.5)
      kramdown (~> 1.16)
      parser (~> 2.3)
      reverse_markdown (~> 1.0, >= 1.0.5)
      rubocop (~> 0.52)
      thor (~> 0.19, >= 0.19.4)
      tilt (~> 2.0)
      yard (~> 0.9)
    systemu (2.6.5)
    thor (0.20.3)
    tilt (2.0.9)
    unicode-display_width (1.5.0)
    uuid (2.3.9)
      macaddr (~> 1.0)
    yard (0.9.19)

PLATFORMS
  ruby

DEPENDENCIES
  allure_ruby_commons!
  bundler (~> 2.0)
  pry
  rspec
  rubocop (~> 0.67)
  rubocop-performance (~> 1.1)
  rubyzip (~> 1.2)
  solargraph

BUNDLED WITH
   2.0.1
